GEM
  specs:
    amq-protocol (2.3.0)
    bunny (2.9.2)
      amq-protocol (~> 2.3.0)
    concurrent-ruby (1.1.5)
    json (2.1.0)
    redis (4.1.0)
    serverengine (2.0.7)
      sigdump (~> 0.2.2)
    sigdump (0.2.4)
    sneakers (2.7.0)
      bunny (~> 2.9.2)
      concurrent-ruby (~> 1.0)
      serverengine (~> 2.0.5)
      thor
    thor (0.20.3)

PLATFORMS
  ruby

DEPENDENCIES
  bunny
  json
  redis
  sneakers

BUNDLED WITH
   2.0.2
